PATH
  remote: .
  specs:
    rss_feed (0.2.2)
      nokogiri (~> 1.13.8)

GEM
  remote: https://rubygems.org/
  specs:
    activesupport (7.0.3.1)
      concurrent-ruby (~> 1.0, >= 1.0.2)
      i18n (>= 1.6, < 2)
      minitest (>= 5.1)
      tzinfo (~> 2.0)
    addressable (2.8.0)
      public_suffix (>= 2.0.2, < 5.0)
    concurrent-ruby (1.1.10)
    crack (0.4.5)
      rexml
    hashdiff (1.0.1)
    i18n (1.12.0)
      concurrent-ruby (~> 1.0)
    minitest (5.16.2)
    nokogiri (1.13.8-arm64-darwin)
      racc (~> 1.4)
    power_assert (2.0.1)
    public_suffix (4.0.7)
    racc (1.6.0)
    rake (13.0.6)
    rdoc (6.3.3)
    rexml (3.2.5)
    shoulda (4.0.0)
      shoulda-context (~> 2.0)
      shoulda-matchers (~> 4.0)
    shoulda-context (2.0.0)
    shoulda-matchers (4.5.1)
      activesupport (>= 4.2.0)
    test-unit (3.3.9)
      power_assert
    tzinfo (2.0.5)
      concurrent-ruby (~> 1.0)
    webmock (3.13.0)
      addressable (>= 2.3.6)
      crack (>= 0.3.2)
      hashdiff (>= 0.4.0, < 2.0.0)

PLATFORMS
  arm64-darwin-20

DEPENDENCIES
  bundler (~> 2.3.20)
  rake (~> 13.0.6)
  rdoc (~> 6.3.2)
  rss_feed!
  shoulda (~> 4.0.0)
  test-unit (~> 3.3.9)
  webmock (~> 3.13.0)

BUNDLED WITH
   2.3.20
